PATH
  remote: .
  specs:
    gloat (0.0.1)
      RedCloth (~> 4.2)
      coffee-script (~> 2.2)
      erubis (~> 2.7)
      haml (~> 3.1)
      hashie (~> 1.2)
      nokogiri (~> 1.5)
      rdiscount (~> 1.6)
      sass (~> 3.2)
      sinatra (~> 1.3)
      sinatra-contrib (~> 1.3)
      sinatra-sprockets (~> 0.0)
      subby (~> 0.0)
      thin (~> 1.5)
      tilt (~> 1.3)

GEM
  remote: http://rubygems.org/
  specs:
    POpen4 (0.1.4)
      Platform (>= 0.4.0)
      open4
    Platform (0.4.0)
    RedCloth (4.2.9)
    backports (2.7.1)
    closure-compiler (1.1.8)
    coffee-script (2.2.0)
      coffee-script-source
      execjs
    coffee-script-source (1.4.0)
    daemons (1.1.9)
    erubis (2.7.0)
    eventmachine (1.0.0)
    execjs (1.4.0)
      multi_json (~> 1.0)
    haml (3.1.7)
    hashie (1.2.0)
    hike (1.2.1)
    libv8 (3.11.8.13)
    multi_json (1.5.0)
    nokogiri (1.5.6)
    open4 (1.3.0)
    rack (1.5.0)
    rack-protection (1.3.2)
      rack
    rack-test (0.6.2)
      rack (>= 1.0)
    rake (10.0.3)
    rdiscount (1.6.8)
    ref (1.0.2)
    sass (3.2.5)
    sinatra (1.3.4)
      rack (~> 1.4)
      rack-protection (~> 1.3)
      tilt (~> 1.3, >= 1.3.3)
    sinatra-contrib (1.3.2)
      backports (>= 2.0)
      eventmachine
      rack-protection
      rack-test
      sinatra (~> 1.3.0)
      tilt (~> 1.3)
    sinatra-sprockets (0.0.2)
      closure-compiler
      execjs
      sprockets (~> 2.0.0)
      therubyracer
      uglifier
      yui-compressor
    sprockets (2.0.4)
      hike (~> 1.2)
      rack (~> 1.0)
      tilt (~> 1.1, != 1.3.0)
    subby (0.0.1)
    therubyracer (0.11.2)
      libv8 (~> 3.11.8.12)
      ref
    thin (1.5.0)
      daemons (>= 1.0.9)
      eventmachine (>= 0.12.6)
      rack (>= 1.0.0)
    tilt (1.3.3)
    uglifier (1.3.0)
      execjs (>= 0.3.0)
      multi_json (~> 1.0, >= 1.0.2)
    yui-compressor (0.9.6)
      POpen4 (>= 0.1.4)

PLATFORMS
  ruby

DEPENDENCIES
  bundler (~> 1.0)
  gloat!
  rake (~> 10.0)
